GEM
  remote: https://rubygems.org/
  specs:
    ast (2.4.0)
    byebug (11.1.0)
    coderay (1.1.2)
    connection_pool (2.2.2)
    diff-lcs (1.3)
    fileutils (1.4.1)
    jaro_winkler (1.5.4)
    method_source (0.9.2)
    ocsprf (0.0.2)
      fileutils
      openssl
    openssl (2.1.2)
    parallel (1.19.1)
    parser (2.7.0.2)
      ast (~> 2.4.0)
    pry (0.12.2)
      coderay (~> 1.1.0)
      method_source (~> 0.9.0)
    pry-byebug (3.7.0)
      byebug (~> 11.0)
      pry (~> 0.10)
    rack (3.0.4.1)
    rack-protection (2.0.8.1)
      rack
    rainbow (3.0.0)
    rake (13.0.1)
    redis (4.1.3)
    rspec (3.9.0)
      rspec-core (~> 3.9.0)
      rspec-expectations (~> 3.9.0)
      rspec-mocks (~> 3.9.0)
    rspec-core (3.9.1)
      rspec-support (~> 3.9.1)
    rspec-expectations (3.9.0)
      diff-lcs (>= 1.2.0, < 2.0)
      rspec-support (~> 3.9.0)
    rspec-mocks (3.9.1)
      diff-lcs (>= 1.2.0, < 2.0)
      rspec-support (~> 3.9.0)
    rspec-support (3.9.2)
    rubocop (0.78.0)
      jaro_winkler (~> 1.5.1)
      parallel (~> 1.10)
      parser (>= 2.6)
      rainbow (>= 2.2.2, < 4.0)
      ruby-progressbar (~> 1.7)
      unicode-display_width (>= 1.4.0, < 1.7)
    ruby-progressbar (1.10.1)
    sidekiq (6.0.4)
      connection_pool (>= 2.2.2)
      rack (>= 2.0.0)
      rack-protection (>= 2.0.0)
      redis (>= 4.1.0)
    unicode-display_width (1.6.1)

PLATFORMS
  ruby

DEPENDENCIES
  ocsprf
  openssl
  pry
  pry-byebug
  rake
  redis
  rspec (= 3.9.0)
  rubocop (= 0.78.0)
  sidekiq

BUNDLED WITH
   2.1.3
